GEM
  remote: https://rubygems.org/
  specs:
    addressable (2.3.5)
    atomic (1.1.14)
    buftok (0.2.0)
    charlock_holmes (0.6.9.4)
    citysdk (0.1.2.1)
      charlock_holmes (>= 0.6.9.4)
      dbf
      faraday (>= 0.8.5)
      georuby (>= 2.0.0)
    dbf (2.0.7)
      fastercsv (~> 1.5.4)
    descendants_tracker (0.0.3)
    equalizer (0.0.9)
    faraday (0.8.7)
      multipart-post (~> 1.1)
    fastercsv (1.5.5)
    georuby (2.0.0)
    http (0.5.0)
      http_parser.rb
    http_parser.rb (0.6.0)
    json (1.8.0)
    memoizable (0.4.0)
      thread_safe (~> 0.1.3)
    mini_portile (0.5.2)
    multipart-post (1.2.0)
    nokogiri (1.6.1)
      mini_portile (~> 0.5.0)
    rack (1.5.2)
    rack-protection (1.5.0)
      rack
    rake (10.0.4)
    redis (3.0.6)
    rufus-scheduler (3.0.4)
      tzinfo
    simple_oauth (0.2.0)
    sinatra (1.4.3)
      rack (~> 1.4)
      rack-protection (~> 1.4)
      tilt (~> 1.3, >= 1.3.4)
    thread_safe (0.1.3)
      atomic
    tilt (1.4.1)
    twitter (5.5.1)
      addressable (~> 2.3)
      buftok (~> 0.2.0)
      descendants_tracker (~> 0.0.3)
      equalizer (~> 0.0.9)
      faraday (>= 0.8, < 0.10)
      http (~> 0.5.0)
      http_parser.rb (~> 0.6.0)
      json (~> 1.8)
      memoizable (~> 0.4.0)
      simple_oauth (~> 0.2.0)
    tzinfo (1.1.0)
      thread_safe (~> 0.1)

PLATFORMS
  ruby

DEPENDENCIES
  citysdk
  faraday
  nokogiri
  rake
  redis
  rufus-scheduler
  sinatra
  twitter
